PATH
  remote: .
  specs:
    rspec-graphql_response (0.4.1)
      graphql (>= 1.0)
      rspec (>= 3.0)

GEM
  remote: https://rubygems.org/
  specs:
    attr_extras (6.2.4)
    byebug (11.1.3)
    coderay (1.1.3)
    diff-lcs (1.4.4)
    graphql (1.12.6)
    method_source (1.0.0)
    optimist (3.0.1)
    patience_diff (1.2.0)
      optimist (~> 3.0)
    pry (0.14.0)
      coderay (~> 1.1)
      method_source (~> 1.0)
    pry-byebug (3.8.0)
      byebug (~> 11.0)
      pry (~> 0.10)
    rake (13.0.3)
    rspec (3.10.0)
      rspec-core (~> 3.10.0)
      rspec-expectations (~> 3.10.0)
      rspec-mocks (~> 3.10.0)
    rspec-core (3.10.1)
      rspec-support (~> 3.10.0)
    rspec-expectations (3.10.1)
      diff-lcs (>= 1.2.0, < 2.0)
      rspec-support (~> 3.10.0)
    rspec-mocks (3.10.2)
      diff-lcs (>= 1.2.0, < 2.0)
      rspec-support (~> 3.10.0)
    rspec-support (3.10.2)
    super_diff (0.6.1)
      attr_extras (>= 6.2.4)
      diff-lcs
      patience_diff

PLATFORMS
  ruby

DEPENDENCIES
  bundler (~> 1.17)
  pry (~> 0.14)
  pry-byebug (~> 3.8)
  rake (>= 12.0)
  rspec-graphql_response!
  super_diff (~> 0.6)

BUNDLED WITH
   1.17.2
